GEM
  remote: https://rubygems.org/
  specs:
    connection_pool (2.2.5)
    daemons (1.4.1)
    eventmachine (1.2.7)
    foreman (0.87.2)
    mustermann (2.0.2)
      ruby2_keywords (~> 0.0.1)
    rack (2.2.4)
    rack-protection (2.2.2)
      rack
    redis (4.7.1)
    ruby2_keywords (0.0.5)
    sidekiq (6.5.5)
      connection_pool (>= 2.2.2)
      rack (~> 2.0)
      redis (>= 4.5.0)
    sinatra (2.2.2)
      mustermann (~> 2.0)
      rack (~> 2.2)
      rack-protection (= 2.2.2)
      tilt (~> 2.0)
    thin (1.8.1)
      daemons (~> 1.0, >= 1.0.9)
      eventmachine (~> 1.0, >= 1.0.4)
      rack (>= 1, < 3)
    tilt (2.0.11)

PLATFORMS
  x86_64-linux

DEPENDENCIES
  foreman
  redis (= 4.7.1)
  sidekiq
  sinatra
  thin

BUNDLED WITH
   2.3.3
